GEM
  remote: https://rubygems.org/
  specs:
    diff-lcs (1.1.3)
    kramdown (0.14.0)
    markdown (1.0.0)
      kramdown (>= 0.13.7)
      props (>= 1.0.0)
      textutils (>= 0.2.0)
    multi_json (1.7.5)
    props (1.0.0)
    rake (0.9.2.2)
    roodi (5.0.0)
      ruby_parser (~> 3.2, >= 3.2.2)
    rspec (2.11.0)
      rspec-core (~> 2.11.0)
      rspec-expectations (~> 2.11.0)
      rspec-mocks (~> 2.11.0)
    rspec-core (2.11.1)
    rspec-expectations (2.11.3)
      diff-lcs (~> 1.1.3)
    rspec-mocks (2.11.3)
    ruby_parser (3.7.0)
      sexp_processor (~> 4.1)
    sexp_processor (4.6.0)
    simplecov (0.7.1)
      multi_json (~> 1.0)
      simplecov-html (~> 0.7.1)
    simplecov-html (0.7.1)
    textutils (0.2.0)

PLATFORMS
  ruby

DEPENDENCIES
  markdown
  rake
  roodi
  rspec
  rspec-mocks
  simplecov

BUNDLED WITH
   1.10.3
